GEM
  remote: http://rubygems.org/
  specs:
    RedCloth (4.2.9)
    builder (3.0.0)
    creole (0.4.2)
    expression_parser (0.9.0)
    github-markup (0.7.0)
    org-ruby (0.6.0)
      rubypants (>= 0.2.0)
    redcarpet (2.0.1)
    rubypants (0.2.0)
    wikicloth (0.7.1)
      builder
      expression_parser

PLATFORMS
  ruby

DEPENDENCIES
  RedCloth
  creole
  github-markup
  org-ruby
  redcarpet
  wikicloth
