GEM
  remote: http://rubygems.org/
  specs:
    RedCloth (4.2.9)
    albino (1.3.3)
      posix-spawn (>= 0.3.6)
    builder (3.1.4)
    coderay (1.0.8)
    creole (0.5.0)
    expression_parser (0.9.0)
    github-markup (0.7.5)
    org-ruby (0.7.2)
      rubypants (>= 0.2.0)
    posix-spawn (0.3.6)
    redcarpet (2.2.2)
    rubypants (0.2.0)
    tilt (1.3.3)
    wikicloth (0.8.0)
      builder
      expression_parser

PLATFORMS
  ruby

DEPENDENCIES
  RedCloth
  albino
  coderay
  creole
  github-markup
  org-ruby
  redcarpet
  tilt
  wikicloth
