GEM
  remote: http://rubygems.org/
  specs:
    RedCloth (4.2.9)
    albino (1.3.3)
      posix-spawn (>= 0.3.6)
    builder (3.0.0)
    coderay (1.0.5)
    creole (0.4.2)
    expression_parser (0.9.0)
    github-markup (0.7.1)
    org-ruby (0.6.0)
      rubypants (>= 0.2.0)
    posix-spawn (0.3.6)
    redcarpet (2.1.0)
    rubypants (0.2.0)
    tilt (1.3.3)
    wikicloth (0.7.1)
      builder
      expression_parser

PLATFORMS
  ruby

DEPENDENCIES
  RedCloth
  albino
  coderay
  creole
  github-markup
  org-ruby
  redcarpet
  tilt
  wikicloth
